GEM
  remote: https://rubygems.org/
  specs:
    addressable (2.2.8)
    atomic (1.1.99)
    buftok (0.1)
    descendants_tracker (0.0.3)
    equalizer (0.0.11)
    faraday (0.9.1)
      multipart-post (>= 1.2, < 3)
    github (0.7.2)
      highline (~> 1.6)
      json_pure (~> 1.5.1)
      launchy (~> 2.0.2)
      text-format (= 1.0.0)
      text-hyphen (= 1.0.0)
    highline (1.7.7)
    http (0.5.1)
      http_parser.rb
    http_parser.rb (0.5.3)
    json (1.8.3)
    json_pure (1.5.5)
      spruz (~> 0.2.8)
    koala (2.2.0)
      addressable
      faraday
      multi_json
    launchy (2.0.5)
      addressable (~> 2.2.6)
    memoizable (0.2.0)
      thread_safe (~> 0.1.3)
    multi_json (1.11.2)
    multipart-post (2.0.0)
    simple_oauth (0.2.0)
    spruz (0.2.13)
    text-format (1.0.0)
      text-hyphen (~> 1.0.0)
    text-hyphen (1.0.0)
    thread_safe (0.1.3)
      atomic
    twitter (5.0.0)
      buftok (~> 0.1.0)
      descendants_tracker (~> 0.0.1)
      equalizer (~> 0.0.7)
      faraday (>= 0.8, < 0.10)
      http (~> 0.5.0)
      http_parser.rb (~> 0.5.0)
      json (~> 1.8)
      memoizable (~> 0.2.0)
      simple_oauth (~> 0.2.0)

PLATFORMS
  ruby

DEPENDENCIES
  github
  koala
  twitter
