GEM
  remote: https://rubygems.org/
  specs:
    addressable (2.8.1)
      public_suffix (>= 2.0.2, < 6.0)
    axiom-types (0.1.1)
      descendants_tracker (~> 0.0.4)
      ice_nine (~> 0.11.0)
      thread_safe (~> 0.3, >= 0.3.1)
    buftok (0.2.0)
    coderay (1.1.2)
    coercible (1.0.0)
      descendants_tracker (~> 0.0.1)
    config_module (1.2.3)
    descendants_tracker (0.0.4)
      thread_safe (~> 0.3, >= 0.3.1)
    domain_name (0.5.20180417)
      unf (>= 0.0.5, < 1.0.0)
    equalizer (0.0.11)
    faraday (0.15.4)
      multipart-post (>= 1.2, < 3)
    github (0.7.2)
      highline (~> 1.6)
      json_pure (~> 1.5.1)
      launchy (~> 2.0.2)
      text-format (= 1.0.0)
      text-hyphen (= 1.0.0)
    highline (1.7.10)
    http (3.3.0)
      addressable (~> 2.3)
      http-cookie (~> 1.0)
      http-form_data (~> 2.0)
      http_parser.rb (~> 0.6.0)
    http-cookie (1.0.3)
      domain_name (~> 0.5)
    http-form_data (2.1.1)
    http_parser.rb (0.6.0)
    ice_nine (0.11.2)
    json (2.3.1)
    json_pure (1.5.5)
      spruz (~> 0.2.8)
    koala (3.0.0)
      addressable
      faraday
      json (>= 1.8)
    launchy (2.0.3)
    memoizable (0.4.2)
      thread_safe (~> 0.3, >= 0.3.1)
    method_source (0.9.2)
    multipart-post (2.1.1)
    naught (1.1.0)
    pry (0.12.2)
      coderay (~> 1.1.0)
      method_source (~> 0.9.0)
    pry-doc (1.0.0)
      pry (~> 0.11)
      yard (~> 0.9.11)
    pry-theme (1.3.0)
      coderay (~> 1.1)
    public_suffix (5.0.0)
    remedy (0.2.0)
    simple_oauth (0.3.1)
    spruz (0.2.13)
    text-format (1.0.0)
      text-hyphen (~> 1.0.0)
    text-hyphen (1.0.0)
    thread_safe (0.3.6)
    twitter (6.2.0)
      addressable (~> 2.3)
      buftok (~> 0.2.0)
      equalizer (~> 0.0.11)
      http (~> 3.0)
      http-form_data (~> 2.0)
      http_parser.rb (~> 0.6.0)
      memoizable (~> 0.4.0)
      multipart-post (~> 2.0)
      naught (~> 1.0)
      simple_oauth (~> 0.3.0)
    unf (0.1.4)
      unf_ext
    unf_ext (0.0.7.6)
    virtus (1.0.5)
      axiom-types (~> 0.1)
      coercible (~> 1.0)
      descendants_tracker (~> 0.0, >= 0.0.3)
      equalizer (~> 0.0, >= 0.0.9)
    yard (0.9.36)

PLATFORMS
  ruby

DEPENDENCIES
  config_module
  github
  koala
  pry
  pry-doc
  pry-theme
  remedy
  twitter
  virtus

BUNDLED WITH
   2.0.2
